GEM
  remote: https://rubygems.org/
  specs:
    concurrent-ruby (1.3.5)
    tzinfo (2.0.6)
      concurrent-ruby (~> 1.0)
    tzinfo-data (1.2025.1)
      tzinfo (>= 1.0.0)

PLATFORMS
  ruby
  x86_64-darwin-19

DEPENDENCIES
  tzinfo
  tzinfo-data

BUNDLED WITH
   2.6.3
